GIT
  remote: https://github.com/rails/activeresource.git
  revision: 62d7c8dda9164616200f01815e968871f627a8b9
  specs:
    activeresource (5.0.0)
      activemodel (>= 5.0, < 6)
      activemodel-serializers-xml (~> 1.0)
      activesupport (>= 5.0, < 6)

GEM
  remote: https://rubygems.org/
  specs:
    actioncable (5.0.3)
      actionpack (= 5.0.3)
      nio4r (>= 1.2, < 3.0)
      websocket-driver (~> 0.6.1)
    actionmailer (5.0.3)
      actionpack (= 5.0.3)
      actionview (= 5.0.3)
      activejob (= 5.0.3)
      mail (~> 2.5, >= 2.5.4)
      rails-dom-testing (~> 2.0)
    actionpack (5.0.3)
      actionview (= 5.0.3)
      activesupport (= 5.0.3)
      rack (~> 2.0)
      rack-test (~> 0.6.3)
      rails-dom-testing (~> 2.0)
      rails-html-sanitizer (~> 1.0, >= 1.0.2)
    actionview (5.0.3)
      activesupport (= 5.0.3)
      builder (~> 3.1)
      erubis (~> 2.7.0)
      rails-dom-testing (~> 2.0)
      rails-html-sanitizer (~> 1.0, >= 1.0.3)
    activejob (5.0.3)
      activesupport (= 5.0.3)
      globalid (>= 0.3.6)
    activemodel (5.0.3)
      activesupport (= 5.0.3)
    activemodel-serializers-xml (1.0.1)
      activemodel (> 5.x)
      activerecord (> 5.x)
      activesupport (> 5.x)
      builder (~> 3.1)
    activerecord (5.0.3)
      activemodel (= 5.0.3)
      activesupport (= 5.0.3)
      arel (~> 7.0)
    activesupport (5.0.3)
      concurrent-ruby (~> 1.0, >= 1.0.2)
      i18n (~> 0.7)
      minitest (~> 5.1)
      tzinfo (~> 1.1)
    addressable (2.5.1)
      public_suffix (~> 2.0, >= 2.0.2)
    arel (7.1.4)
    autoprefixer-rails (7.1.1.2)
      execjs
    aws-sdk (2.8.7)
      aws-sdk-resources (= 2.8.7)
    aws-sdk-core (2.8.7)
      aws-sigv4 (~> 1.0)
      jmespath (~> 1.0)
    aws-sdk-resources (2.8.7)
      aws-sdk-core (= 2.8.7)
    aws-sigv4 (1.0.0)
    axlsx (2.0.1)
      htmlentities (~> 4.3.1)
      nokogiri (>= 1.4.1)
      rubyzip (~> 1.0.0)
    better_errors (2.1.1)
      coderay (>= 1.0.0)
      erubis (>= 2.6.6)
      rack (>= 0.9.0)
    bindex (0.5.0)
    binding_of_caller (0.7.2)
      debug_inspector (>= 0.0.1)
    bootstrap-datepicker-rails (1.6.4.1)
      railties (>= 3.0)
    bootstrap-sass (3.3.7)
      autoprefixer-rails (>= 5.2.1)
      sass (>= 3.3.4)
    builder (3.2.3)
    byebug (9.0.6)
    capistrano (3.1.0)
      i18n
      rake (>= 10.0.0)
      sshkit (~> 1.3)
    capistrano-bundler (1.2.0)
      capistrano (~> 3.1)
      sshkit (~> 1.2)
    capistrano-rails (1.1.8)
      capistrano (~> 3.1)
      capistrano-bundler (~> 1.1)
    capistrano-rbenv (2.1.1)
      capistrano (~> 3.1)
      sshkit (~> 1.3)
    chronic (0.10.2)
    coderay (1.1.1)
    coffee-rails (4.2.2)
      coffee-script (>= 2.2.0)
      railties (>= 4.0.0)
    coffee-script (2.4.1)
      coffee-script-source
      execjs
    coffee-script-source (1.12.2)
    concurrent-ruby (1.0.5)
    daemons (1.2.4)
    debug_inspector (0.0.3)
    delayed_job (4.1.3)
      activesupport (>= 3.0, < 5.2)
    delayed_job_active_record (4.1.2)
      activerecord (>= 3.0, < 5.2)
      delayed_job (>= 3.0, < 5)
    domain_name (0.5.20170404)
      unf (>= 0.0.5, < 1.0.0)
    erubis (2.7.0)
    exception_notification (4.2.1)
      actionmailer (>= 4.0, < 6)
      activesupport (>= 4.0, < 6)
    execjs (2.7.0)
    faraday (0.9.2)
      multipart-post (>= 1.2, < 3)
    ffi (1.9.18)
    globalid (0.4.0)
      activesupport (>= 4.2.0)
    haml (5.0.1)
      temple (>= 0.8.0)
      tilt
    hashie (3.5.5)
    htmlentities (4.3.4)
    http-cookie (1.0.3)
      domain_name (~> 0.5)
    httparty (0.15.5)
      multi_xml (>= 0.5.2)
    i18n (0.8.4)
    jbuilder (2.7.0)
      activesupport (>= 4.2.0)
      multi_json (>= 1.2)
    jmespath (1.3.1)
    jquery-rails (4.3.1)
      rails-dom-testing (>= 1, < 3)
      railties (>= 4.2.0)
      thor (>= 0.14, < 2.0)
    json (2.1.0)
    jwt (1.5.1)
    kgio (2.11.0)
    libv8 (3.16.14.17)
    listen (3.0.8)
      rb-fsevent (~> 0.9, >= 0.9.4)
      rb-inotify (~> 0.9, >= 0.9.7)
    loofah (2.0.3)
      nokogiri (>= 1.5.9)
    mail (2.6.6)
      mime-types (>= 1.16, < 4)
    method_source (0.8.2)
    mime-types (3.1)
      mime-types-data (~> 3.2015)
    mime-types-data (3.2016.0521)
    mini_portile2 (2.2.0)
    minitest (5.10.2)
    multi_json (1.12.1)
    multi_xml (0.6.0)
    multipart-post (2.0.0)
    net-scp (1.2.1)
      net-ssh (>= 2.6.5)
    net-ssh (4.1.0)
    netrc (0.11.0)
    nio4r (2.1.0)
    nokogiri (1.8.0)
      mini_portile2 (~> 2.2.0)
    oauth2 (1.1.0)
      faraday (>= 0.8, < 0.10)
      jwt (~> 1.0, < 1.5.2)
      multi_json (~> 1.3)
      multi_xml (~> 0.5)
      rack (>= 1.2, < 3)
    omniauth (1.6.1)
      hashie (>= 3.4.6, < 3.6.0)
      rack (>= 1.6.2, < 3)
    omniauth-oauth2 (1.4.0)
      oauth2 (~> 1.0)
      omniauth (~> 1.2)
    omniauth-shopify-oauth2 (1.1.17)
      oauth2 (~> 1.1.0)
      omniauth-oauth2 (~> 1.2)
    pg (0.20.0)
    proxies (0.2.1)
    pry (0.10.4)
      coderay (~> 1.1.0)
      method_source (~> 0.8.1)
      slop (~> 3.4)
    pry-rails (0.3.6)
      pry (>= 0.10.4)
    pry-remote (0.1.8)
      pry (~> 0.9)
      slop (~> 3.0)
    public_suffix (2.0.5)
    puma (3.9.1)
    rack (2.0.3)
    rack-cors (0.4.1)
    rack-test (0.6.3)
      rack (>= 1.0)
    rails (5.0.3)
      actioncable (= 5.0.3)
      actionmailer (= 5.0.3)
      actionpack (= 5.0.3)
      actionview (= 5.0.3)
      activejob (= 5.0.3)
      activemodel (= 5.0.3)
      activerecord (= 5.0.3)
      activesupport (= 5.0.3)
      bundler (>= 1.3.0, < 2.0)
      railties (= 5.0.3)
      sprockets-rails (>= 2.0.0)
    rails-dom-testing (2.0.3)
      activesupport (>= 4.2.0)
      nokogiri (>= 1.6)
    rails-html-sanitizer (1.0.3)
      loofah (~> 2.0)
    railties (5.0.3)
      actionpack (= 5.0.3)
      activesupport (= 5.0.3)
      method_source
      rake (>= 0.8.7)
      thor (>= 0.18.1, < 2.0)
    raindrops (0.18.0)
    rake (12.0.0)
    rb-fsevent (0.9.8)
    rb-inotify (0.9.10)
      ffi (>= 0.5.0, < 2)
    ref (2.0.0)
    rest-client (2.0.2)
      http-cookie (>= 1.0.2, < 2.0)
      mime-types (>= 1.16, < 4.0)
      netrc (~> 0.8)
    rubyzip (1.0.0)
    s3 (0.3.25)
      proxies (~> 0.2.0)
    sass (3.4.24)
    sass-rails (5.0.6)
      railties (>= 4.0.0, < 6)
      sass (~> 3.1)
      sprockets (>= 2.8, < 4.0)
      sprockets-rails (>= 2.0, < 4.0)
      tilt (>= 1.1, < 3)
    shopify_api (4.9.0)
      activeresource (>= 3.0.0)
      rack
    shopify_app (7.2.9)
      omniauth-shopify-oauth2 (~> 1.1.11)
      rails (>= 5.0.0)
      shopify_api (>= 4.3.2)
    slop (3.6.0)
    sprockets (3.7.1)
      concurrent-ruby (~> 1.0)
      rack (> 1, < 3)
    sprockets-rails (3.2.0)
      actionpack (>= 4.0)
      activesupport (>= 4.0)
      sprockets (>= 3.0.0)
    sshkit (1.13.1)
      net-scp (>= 1.1.2)
      net-ssh (>= 2.8.0)
    temple (0.8.0)
    therubyracer (0.12.3)
      libv8 (~> 3.16.14.15)
      ref
    thor (0.19.4)
    thread_safe (0.3.6)
    tilt (2.0.7)
    turbolinks (5.0.1)
      turbolinks-source (~> 5)
    turbolinks-source (5.0.3)
    tzinfo (1.2.3)
      thread_safe (~> 0.1)
    uglifier (3.2.0)
      execjs (>= 0.3.0, < 3)
    unf (0.1.4)
      unf_ext
    unf_ext (0.0.7.4)
    unicorn (5.3.0)
      kgio (~> 2.6)
      raindrops (~> 0.7)
    unirest (1.0.8)
      addressable
      json
      rest-client
    web-console (3.5.1)
      actionview (>= 5.0)
      activemodel (>= 5.0)
      bindex (>= 0.4.0)
      railties (>= 5.0)
    websocket-driver (0.6.5)
      websocket-extensions (>= 0.1.0)
    websocket-extensions (0.1.2)
    whenever (0.9.7)
      chronic (>= 0.6.3)
    will_paginate (3.1.6)

PLATFORMS
  ruby

DEPENDENCIES
  activeresource!
  aws-sdk (~> 2)
  axlsx
  better_errors
  binding_of_caller
  bootstrap-datepicker-rails
  bootstrap-sass (~> 3.3.6)
  byebug
  capistrano (~> 3.1.0)
  capistrano-bundler
  capistrano-rails (~> 1.1.0)
  capistrano-rbenv (~> 2.0)
  chronic
  coffee-rails (~> 4.2)
  daemons
  delayed_job_active_record
  exception_notification
  haml
  httparty
  jbuilder (~> 2.5)
  jquery-rails
  listen (~> 3.0.5)
  pg
  pry-rails
  pry-remote
  puma (~> 3.0)
  rack-cors
  rails (~> 5.0.2)
  rest-client (~> 2.0)
  s3
  sass-rails (~> 5.0)
  shopify_api
  shopify_app
  therubyracer
  turbolinks (~> 5)
  tzinfo-data
  uglifier (>= 1.3.0)
  unicorn
  unirest
  web-console (>= 3.3.0)
  whenever
  will_paginate (~> 3.0)

BUNDLED WITH
   1.13.7
